PATH
  remote: ../mavericks
  specs:
    mavericks (0.1.0)
      erubi
      multi_json
      rack
      sqlite3

GEM
  remote: https://rubygems.org/
  specs:
    byebug (11.1.3)
    erubi (1.9.0)
    multi_json (1.15.0)
    rack (2.2.3)
    sqlite3 (1.4.2)

PLATFORMS
  ruby

DEPENDENCIES
  byebug
  mavericks!

BUNDLED WITH
   2.1.4
