PATH
  remote: ../mavericks
  specs:
    mavericks (0.1.0)
      erubi
      rack

GEM
  remote: https://rubygems.org/
  specs:
    byebug (11.1.3)
    erubi (1.9.0)
    rack (2.2.3)

PLATFORMS
  ruby

DEPENDENCIES
  byebug
  mavericks!

BUNDLED WITH
   2.1.4
